GEM
  remote: https://rubygems.org/
  specs:
    coderay (1.1.3)
    date (3.2.2)
    diff-lcs (1.5.0)
    method_source (1.0.0)
    mini_portile2 (2.8.0)
    nokogiri (1.13.7)
      mini_portile2 (~> 2.8.0)
      racc (~> 1.4)
    open-uri (0.2.0)
      stringio
      time
      uri
    pry (0.14.1)
      coderay (~> 1.1)
      method_source (~> 1.0)
    racc (1.6.0)
    rspec (3.11.0)
      rspec-core (~> 3.11.0)
      rspec-expectations (~> 3.11.0)
      rspec-mocks (~> 3.11.0)
    rspec-core (3.11.0)
      rspec-support (~> 3.11.0)
    rspec-expectations (3.11.0)
      diff-lcs (>= 1.2.0, < 2.0)
      rspec-support (~> 3.11.0)
    rspec-mocks (3.11.1)
      diff-lcs (>= 1.2.0, < 2.0)
      rspec-support (~> 3.11.0)
    rspec-support (3.11.0)
    stringio (3.0.2)
    time (0.2.0)
      date
    uri (0.11.0)

PLATFORMS
  ruby

DEPENDENCIES
  nokogiri
  open-uri
  pry
  rspec

RUBY VERSION
   ruby 2.7.4p191

BUNDLED WITH
   2.1.4
